GEM
  remote: https://rubygems.org/
  specs:
    gosu (0.10.7)

PLATFORMS
  ruby

DEPENDENCIES
  gosu (~> 0.10.7)

BUNDLED WITH
   1.10.6
